GIT
  remote: https://betterment-deploy:2376e006e0caa50ea525cb349142c4702536eaa0@github.com/Betterment/fakeable_her
  revision: 8835d5afea2c3587116b7ccc65f259bdfdad5903
  specs:
    fakeable_her (0.1.0)
      her
      rails (~> 4.1)

GIT
  remote: https://betterment-deploy:2376e006e0caa50ea525cb349142c4702536eaa0@github.com/Betterment/her
  revision: de05bbfce12daf4b1178f85fd321ece4c2c4486b
  specs:
    her (0.7.4)
      activemodel (>= 3.0.0, <= 4.2.1)
      activesupport (>= 3.0.0, <= 4.2.1)
      faraday (>= 0.8, < 1.0)
      multi_json (~> 1.7)

GIT
  remote: https://betterment-deploy:2376e006e0caa50ea525cb349142c4702536eaa0@github.com/Betterment/ruby_spec_helpers
  revision: 36b656be869724dd6d8e2588c06011513759e3e2
  specs:
    ruby_spec_helpers (0.0.1)
      capybara
      capybara-webkit (~> 1.3.1)
      rspec-rails
      rspec-retry (~> 0.4.5)
      rubocop (~> 0.34)
      selenium-webdriver
      site_prism
      webmock
      yarjuf

PATH
  remote: .
  specs:
    test_track_rails_client (0.0.1)
      airbrake (~> 4.1)
      delayed-plugins-airbrake
      delayed_job (~> 4.0)
      delayed_job_active_record
      fakeable_her
      faraday_middleware
      mixpanel-ruby (~> 1.4)
      public_suffix (~> 1.4.6)
      rails (~> 4.1.11)
      request_store (~> 1.2.1)

GEM
  remote: https://rubygems.org/
  specs:
    actionmailer (4.1.14)
      actionpack (= 4.1.14)
      actionview (= 4.1.14)
      mail (~> 2.5, >= 2.5.4)
    actionpack (4.1.14)
      actionview (= 4.1.14)
      activesupport (= 4.1.14)
      rack (~> 1.5.2)
      rack-test (~> 0.6.2)
    actionview (4.1.14)
      activesupport (= 4.1.14)
      builder (~> 3.1)
      erubis (~> 2.7.0)
    activemodel (4.1.14)
      activesupport (= 4.1.14)
      builder (~> 3.1)
    activerecord (4.1.14)
      activemodel (= 4.1.14)
      activesupport (= 4.1.14)
      arel (~> 5.0.0)
    activesupport (4.1.14)
      i18n (~> 0.6, >= 0.6.9)
      json (~> 1.7, >= 1.7.7)
      minitest (~> 5.1)
      thread_safe (~> 0.1)
      tzinfo (~> 1.1)
    addressable (2.4.0)
    airbrake (4.3.4)
      builder
      multi_json
    arel (5.0.1.20140414130214)
    ast (2.2.0)
    astrolabe (1.3.1)
      parser (~> 2.2)
    builder (3.2.2)
    capybara (2.4.4)
      mime-types (>= 1.16)
      nokogiri (>= 1.3.3)
      rack (>= 1.0.0)
      rack-test (>= 0.5.4)
      xpath (~> 2.0)
    capybara-webkit (1.3.1)
      capybara (>= 2.0.2, < 2.5.0)
      json
    childprocess (0.5.8)
      ffi (~> 1.0, >= 1.0.11)
    coderay (1.1.0)
    concurrent-ruby (1.0.0)
    crack (0.4.3)
      safe_yaml (~> 1.0.0)
    delayed-plugins-airbrake (1.1.0)
      airbrake
      delayed_job
    delayed_job (4.1.1)
      activesupport (>= 3.0, < 5.0)
    delayed_job_active_record (4.1.0)
      activerecord (>= 3.0, < 5)
      delayed_job (>= 3.0, < 5)
    diff-lcs (1.2.5)
    docile (1.1.5)
    erubis (2.7.0)
    faraday (0.9.2)
      multipart-post (>= 1.2, < 3)
    faraday_middleware (0.10.0)
      faraday (>= 0.7.4, < 0.10)
    ffi (1.9.10)
    hashdiff (0.2.3)
    i18n (0.7.0)
    json (1.8.3)
    mail (2.6.3)
      mime-types (>= 1.16, < 3)
    method_source (0.8.2)
    mime-types (2.99)
    mini_portile2 (2.0.0)
    minitest (5.8.3)
    mixpanel-ruby (1.7.0)
    multi_json (1.11.2)
    multipart-post (2.0.0)
    nokogiri (1.6.7.1)
      mini_portile2 (~> 2.0.0.rc2)
    parser (2.2.3.0)
      ast (>= 1.1, < 3.0)
    powerpack (0.1.1)
    pry (0.10.3)
      coderay (~> 1.1.0)
      method_source (~> 0.8.1)
      slop (~> 3.4)
    pry-rails (0.3.4)
      pry (>= 0.9.10)
    public_suffix (1.4.6)
    rack (1.5.5)
    rack-test (0.6.3)
      rack (>= 1.0)
    rails (4.1.14)
      actionmailer (= 4.1.14)
      actionpack (= 4.1.14)
      actionview (= 4.1.14)
      activemodel (= 4.1.14)
      activerecord (= 4.1.14)
      activesupport (= 4.1.14)
      bundler (>= 1.3.0, < 2.0)
      railties (= 4.1.14)
      sprockets-rails (~> 2.0)
    railties (4.1.14)
      actionpack (= 4.1.14)
      activesupport (= 4.1.14)
      rake (>= 0.8.7)
      thor (>= 0.18.1, < 2.0)
    rainbow (2.0.0)
    rake (10.4.2)
    request_store (1.2.1)
    rspec (3.4.0)
      rspec-core (~> 3.4.0)
      rspec-expectations (~> 3.4.0)
      rspec-mocks (~> 3.4.0)
    rspec-core (3.4.1)
      rspec-support (~> 3.4.0)
    rspec-expectations (3.4.0)
      diff-lcs (>= 1.2.0, < 2.0)
      rspec-support (~> 3.4.0)
    rspec-mocks (3.4.0)
      diff-lcs (>= 1.2.0, < 2.0)
      rspec-support (~> 3.4.0)
    rspec-rails (3.4.0)
      actionpack (>= 3.0, < 4.3)
      activesupport (>= 3.0, < 4.3)
      railties (>= 3.0, < 4.3)
      rspec-core (~> 3.4.0)
      rspec-expectations (~> 3.4.0)
      rspec-mocks (~> 3.4.0)
      rspec-support (~> 3.4.0)
    rspec-retry (0.4.5)
      rspec-core
    rspec-support (3.4.1)
    rubocop (0.35.1)
      astrolabe (~> 1.3)
      parser (>= 2.2.3.0, < 3.0)
      powerpack (~> 0.1)
      rainbow (>= 1.99.1, < 3.0)
      ruby-progressbar (~> 1.7)
      tins (<= 1.6.0)
    ruby-progressbar (1.7.5)
    rubyzip (1.1.7)
    safe_yaml (1.0.4)
    selenium-webdriver (2.48.1)
      childprocess (~> 0.5)
      multi_json (~> 1.0)
      rubyzip (~> 1.0)
      websocket (~> 1.0)
    shoulda-matchers (2.8.0)
      activesupport (>= 3.0.0)
    simplecov (0.11.1)
      docile (~> 1.1.0)
      json (~> 1.8)
      simplecov-html (~> 0.10.0)
    simplecov-html (0.10.0)
    site_prism (2.8)
      addressable (>= 2.3.3, < 3.0)
      capybara (>= 2.1, < 3.0)
    slop (3.6.0)
    sprockets (3.5.2)
      concurrent-ruby (~> 1.0)
      rack (> 1, < 3)
    sprockets-rails (2.3.3)
      actionpack (>= 3.0)
      activesupport (>= 3.0)
      sprockets (>= 2.8, < 4.0)
    sqlite3 (1.3.11)
    thor (0.19.1)
    thread_safe (0.3.5)
    timecop (0.8.0)
    tins (1.6.0)
    tzinfo (1.2.2)
      thread_safe (~> 0.1)
    webmock (1.22.3)
      addressable (>= 2.3.6)
      crack (>= 0.3.2)
      hashdiff
    websocket (1.2.2)
    xpath (2.0.0)
      nokogiri (~> 1.3)
    yarjuf (2.0.0)
      builder
      rspec (~> 3)

PLATFORMS
  ruby

DEPENDENCIES
  fakeable_her!
  her!
  pry-rails
  rubocop
  ruby_spec_helpers!
  shoulda-matchers (~> 2.8)
  simplecov
  sqlite3
  test_track_rails_client!
  timecop
